PATH
  remote: .
  specs:
    people (0.3.0)

GEM
  remote: https://rubygems.org/
  specs:
    coderay (1.1.0)
    method_source (0.8.2)
    minitest (5.3.2)
    pry (0.9.12.6)
      coderay (~> 1.0)
      method_source (~> 0.8)
      slop (~> 3.4)
    rake (10.2.2)
    slop (3.5.0)

PLATFORMS
  ruby

DEPENDENCIES
  minitest
  people!
  pry
  rake
